GEM
  remote: https://rubygems.org/
  specs:
    coderay (1.1.2)
    method_source (0.9.0)
    pry (0.11.3)
      coderay (~> 1.1.0)
      method_source (~> 0.9.0)
    pry-doc (0.13.4)
      pry (~> 0.11)
      yard (~> 0.9.11)
    yard (0.9.14)

PLATFORMS
  ruby

DEPENDENCIES
  method_source (~> 0.9.0)
  pry (~> 0.11.3)
  pry-doc (~> 0.13.4)

BUNDLED WITH
   1.16.2
